PATH
  remote: .
  specs:
    pre-activemodel (0.0.1)
      pre

GEM
  remote: http://rubygems.org/
  specs:
    active_support (3.0.0)
      activesupport (= 3.0.0)
    activesupport (3.0.0)
    coderay (1.0.7)
    dalli (2.2.1)
    diff-lcs (1.1.3)
    metaclass (0.0.1)
    method_source (0.8)
    mocha (0.12.4)
      metaclass (~> 0.0.1)
    polyglot (0.3.3)
    pre (0.0.2)
      active_support
      dalli
      treetop
    pry (0.9.10)
      coderay (~> 1.0.5)
      method_source (~> 0.8)
      slop (~> 3.3.1)
    pry-nav (0.2.2)
      pry (~> 0.9.10)
    rspec (2.11.0)
      rspec-core (~> 2.11.0)
      rspec-expectations (~> 2.11.0)
      rspec-mocks (~> 2.11.0)
    rspec-core (2.11.1)
    rspec-expectations (2.11.3)
      diff-lcs (~> 1.1.3)
    rspec-mocks (2.11.2)
    slop (3.3.3)
    treetop (1.4.10)
      polyglot
      polyglot (>= 0.3.1)

PLATFORMS
  ruby

DEPENDENCIES
  mocha
  pre-activemodel!
  pry-nav
  rspec
